GEM
  remote: https://rubygems.org/
  specs:
    addressable (2.8.7)
      public_suffix (>= 2.0.2, < 7.0)
    ansi (1.5.0)
    ast (2.4.2)
    base64 (0.2.0)
    daemons (1.4.1)
    data_uri (0.1.0)
    em-websocket (0.3.8)
      addressable (>= 2.1.1)
      eventmachine (>= 0.12.9)
    erubi (1.13.0)
    event_emitter (0.2.6)
    eventmachine (1.2.7)
    ffi (1.17.0)
    ffi (1.17.0-aarch64-linux-gnu)
    ffi (1.17.0-aarch64-linux-musl)
    ffi (1.17.0-arm-linux-gnu)
    ffi (1.17.0-arm-linux-musl)
    ffi (1.17.0-arm64-darwin)
    ffi (1.17.0-x86-linux-gnu)
    ffi (1.17.0-x86-linux-musl)
    ffi (1.17.0-x86_64-darwin)
    ffi (1.17.0-x86_64-linux-gnu)
    ffi (1.17.0-x86_64-linux-musl)
    ffi-rzmq (2.0.7)
      ffi-rzmq-core (>= 1.0.7)
    ffi-rzmq-core (1.0.7)
      ffi
    io-console (0.7.2)
    irb (1.14.0)
      rdoc (>= 4.0.0)
      reline (>= 0.4.2)
    iruby (0.8.0)
      data_uri (~> 0.1)
      ffi-rzmq
      irb
      logger
      mime-types (>= 3.3.1)
      multi_json (~> 1.11)
      native-package-installer
    json (2.7.2)
    logger (1.6.0)
    mime-types (3.5.2)
      mime-types-data (~> 3.2015)
    mime-types-data (3.2024.0702)
    multi_json (1.15.0)
    mustermann (3.0.1)
      ruby2_keywords (~> 0.0.1)
    nanoid (2.0.0)
    native-package-installer (1.1.9)
    netrc (0.11.0)
    nio4r (2.7.3)
    oga (3.4)
      ast
      ruby-ll (~> 2.1)
    parallel (1.25.1)
    power_assert (2.0.3)
    prism (0.27.0)
    psych (5.1.2)
      stringio
    public_suffix (6.0.1)
    puma (6.4.2)
      nio4r (~> 2.0)
    rack (2.2.9)
    rack-protection (3.2.0)
      base64 (>= 0.1.0)
      rack (~> 2.2, >= 2.2.4)
    rake (13.2.1)
    rbi (0.1.12)
      prism (>= 0.18.0, < 0.28)
      sorbet-runtime (>= 0.5.9204)
    rdoc (6.7.0)
      psych (>= 4.0.0)
    reline (0.5.9)
      io-console (~> 0.5)
    ruby-ll (2.1.3)
      ansi
      ast
    ruby-prof (1.7.0)
    ruby2_keywords (0.0.5)
    sinatra (3.2.0)
      mustermann (~> 3.0)
      rack (~> 2.2, >= 2.2.4)
      rack-protection (= 3.2.0)
      tilt (~> 2.0)
    sinatra-contrib (3.2.0)
      multi_json (>= 0.0.2)
      mustermann (~> 3.0)
      rack-protection (= 3.2.0)
      sinatra (= 3.2.0)
      tilt (~> 2.0)
    sinatra-websocket (0.3.1)
      em-websocket (~> 0.3.6)
      eventmachine
      thin (>= 1.3.1, < 2.0.0)
    sorbet (0.5.11504)
      sorbet-static (= 0.5.11504)
    sorbet-runtime (0.5.11504)
    sorbet-static (0.5.11504-aarch64-linux)
    sorbet-static (0.5.11504-universal-darwin)
    sorbet-static (0.5.11504-x86_64-linux)
    sorbet-static-and-runtime (0.5.11504)
      sorbet (= 0.5.11504)
      sorbet-runtime (= 0.5.11504)
    spoom (1.3.2)
      erubi (>= 1.10.0)
      prism (>= 0.19.0)
      sorbet-static-and-runtime (>= 0.5.10187)
      thor (>= 0.19.2)
    stringio (3.1.1)
    tapioca (0.13.3)
      bundler (>= 2.2.25)
      netrc (>= 0.11.0)
      parallel (>= 1.21.0)
      rbi (>= 0.1.4, < 0.2)
      sorbet-static-and-runtime (>= 0.5.11087)
      spoom (>= 1.2.0)
      thor (>= 1.2.0)
      yard-sorbet
    test-unit (3.6.2)
      power_assert
    thin (1.8.2)
      daemons (~> 1.0, >= 1.0.9)
      eventmachine (~> 1.0, >= 1.0.4)
      rack (>= 1, < 3)
    thor (1.3.1)
    tilt (2.4.0)
    websocket (1.2.11)
    websocket-client-simple (0.8.0)
      event_emitter
      websocket
    yard (0.9.36)
    yard-sorbet (0.8.1)
      sorbet-runtime (>= 0.5)
      yard (>= 0.9)

PLATFORMS
  aarch64-linux-gnu
  aarch64-linux-musl
  arm-linux-gnu
  arm-linux-musl
  arm64-darwin
  ruby
  x86-linux-gnu
  x86-linux-musl
  x86_64-darwin
  x86_64-linux-gnu
  x86_64-linux-musl

DEPENDENCIES
  ffi-rzmq
  irb
  iruby
  json
  mime-types
  nanoid
  oga
  puma
  rake
  rdoc
  ruby-prof
  sinatra
  sinatra-contrib
  sinatra-websocket
  sorbet
  sorbet-runtime
  tapioca
  test-unit
  websocket-client-simple

BUNDLED WITH
   2.5.11
